GEM
  remote: http://rubygems.org/
  specs:
    addressable (2.2.6)
    clockwork (0.2.4)
    heroku (2.9.0)
      launchy (>= 0.3.2)
      rest-client (~> 1.6.1)
      rubyzip
      term-ansicolor (~> 1.0.5)
    launchy (2.0.5)
      addressable (~> 2.2.6)
    mime-types (1.16)
    rest-client (1.6.7)
      mime-types (>= 1.16)
    rubyzip (0.9.4)
    term-ansicolor (1.0.7)

PLATFORMS
  ruby

DEPENDENCIES
  clockwork
  heroku
  rest-client
