GEM
  remote: http://rubygems.org/
  specs:
    clockwork (0.2.4)

PLATFORMS
  ruby

DEPENDENCIES
  clockwork
